GIT
  remote: git://github.com/doorkeeper-gem/doorkeeper-grants_assertion.git
  revision: 9f36664e35b1315b7e05ce5e5f9e95526fe75022
  specs:
    doorkeeper-grants_assertion (0.2.0)
      doorkeeper (>= 4.0)
      railties (>= 3.1)

GIT
  remote: git://github.com/oelmekki/activerecord_any_of.git
  revision: 22b3bfb4614c2223242dc496328356923a239bed
  ref: 22b3bf
  specs:
    activerecord_any_of (1.4)
      activerecord (>= 3.2.13, < 6)

GIT
  remote: git://github.com/parti-coop/tinymce-rails.git
  revision: 7c1acb2fa3e09be094adff79cfedb28b48a2bcbb
  tag: 5.0.12.0
  specs:
    tinymce-rails (5.0.12)
      railties (>= 3.1.1)

GIT
  remote: https://github.com/randym/axlsx.git
  revision: 776037c0fc799bb09da8c9ea47980bd3bf296874
  ref: 776037c0fc799bb09da8c9ea47980bd3bf296874
  specs:
    axlsx (2.1.0.pre)
      htmlentities (~> 4.3.4)
      mimemagic (~> 0.3)
      nokogiri (>= 1.6.6)
      rubyzip (>= 1.2.1)

GEM
  remote: https://rubygems.org/
  specs:
    actioncable (5.2.2)
      actionpack (= 5.2.2)
      nio4r (~> 2.0)
      websocket-driver (>= 0.6.1)
    actionmailer (5.2.2)
      actionpack (= 5.2.2)
      actionview (= 5.2.2)
      activejob (= 5.2.2)
      mail (~> 2.5, >= 2.5.4)
      rails-dom-testing (~> 2.0)
    actionpack (5.2.2)
      actionview (= 5.2.2)
      activesupport (= 5.2.2)
      rack (~> 2.0)
      rack-test (>= 0.6.3)
      rails-dom-testing (~> 2.0)
      rails-html-sanitizer (~> 1.0, >= 1.0.2)
    actionview (5.2.2)
      activesupport (= 5.2.2)
      builder (~> 3.1)
      erubi (~> 1.4)
      rails-dom-testing (~> 2.0)
      rails-html-sanitizer (~> 1.0, >= 1.0.3)
    active_record-acts_as (4.0.0)
      activerecord (>= 4.2)
      activesupport (>= 4.2)
    active_record_union (1.3.0)
      activerecord (>= 4.0)
    activejob (5.2.2)
      activesupport (= 5.2.2)
      globalid (>= 0.3.6)
    activemodel (5.2.2)
      activesupport (= 5.2.2)
    activerecord (5.2.2)
      activemodel (= 5.2.2)
      activesupport (= 5.2.2)
      arel (>= 9.0)
    activestorage (5.2.2)
      actionpack (= 5.2.2)
      activerecord (= 5.2.2)
      marcel (~> 0.3.1)
    activesupport (5.2.2)
      concurrent-ruby (~> 1.0, >= 1.0.2)
      i18n (>= 0.7, < 2)
      minitest (~> 5.1)
      tzinfo (~> 1.1)
    acts-as-taggable-on (6.0.0)
      activerecord (~> 5.0)
    addressable (2.6.0)
      public_suffix (>= 2.0.2, < 4.0)
    ansi (1.5.0)
    apple-app-site-association (0.1.2)
      sinatra (~> 2)
    arel (9.0.0)
    ast (2.4.0)
    autoprefixer-rails (9.4.10.2)
      execjs
    aws-eventstream (1.0.1)
    aws-partitions (1.143.0)
    aws-sdk-core (3.46.2)
      aws-eventstream (~> 1.0)
      aws-partitions (~> 1.0)
      aws-sigv4 (~> 1.0)
      jmespath (~> 1.0)
    aws-sdk-kms (1.6.0)
      aws-sdk-core (~> 3)
      aws-sigv4 (~> 1.0)
    aws-sdk-rails (2.1.0)
      aws-sdk-ses (~> 1)
      railties (>= 3)
    aws-sdk-s3 (1.17.0)
      aws-sdk-core (~> 3, >= 3.21.2)
      aws-sdk-kms (~> 1)
      aws-sigv4 (~> 1.0)
    aws-sdk-ses (1.9.0)
      aws-sdk-core (~> 3)
      aws-sigv4 (~> 1.0)
    aws-sigv4 (1.0.3)
    axiom-types (0.1.1)
      descendants_tracker (~> 0.0.4)
      ice_nine (~> 0.11.0)
      thread_safe (~> 0.3, >= 0.3.1)
    axlsx_rails (0.5.2)
      actionpack (>= 3.1)
      axlsx (>= 2.0.1)
    bcrypt (3.1.12)
    bcrypt-ruby (3.1.5)
      bcrypt (>= 3.1.3)
    better_errors (2.4.0)
      coderay (>= 1.0.0)
      erubi (>= 1.0.0)
      rack (>= 0.9.0)
    bindex (0.5.0)
    binding_of_caller (0.8.0)
      debug_inspector (>= 0.0.1)
    bootsnap (1.3.1)
      msgpack (~> 1.0)
    bootstrap-kaminari-views (0.0.5)
      kaminari (>= 0.13)
      rails (>= 3.1)
    bootstrap-sass (3.4.1)
      autoprefixer-rails (>= 5.2.1)
      sassc (>= 2.0.0)
    bootswatch-rails (3.3.5)
      railties (>= 3.1)
    browser (2.5.3)
    browsernizer (0.2.4)
      browser (>= 2.0, < 3.0)
    buftok (0.2.0)
    builder (3.2.3)
    by_star (2.2.1)
      activesupport
    byebug (10.0.2)
    cancancan (2.2.0)
    carrierwave (1.2.3)
      activemodel (>= 4.0.0)
      activesupport (>= 4.0.0)
      mime-types (>= 1.16)
    carrierwave-aws (1.3.0)
      aws-sdk-s3 (~> 1.0)
      carrierwave (>= 0.7, < 2.0)
    carrierwave-base64 (2.7.0)
      carrierwave (>= 0.8.0)
      mime-types (~> 3.0)
    chartkick (2.3.5)
    chunky_png (1.3.10)
    cocoon (1.2.11)
    coderay (1.1.2)
    coercible (1.0.0)
      descendants_tracker (~> 0.0.1)
    coffee-rails (4.2.2)
      coffee-script (>= 2.2.0)
      railties (>= 4.0.0)
    coffee-script (2.4.1)
      coffee-script-source
      execjs
    coffee-script-source (1.12.2)
    color (1.8)
    concurrent-ruby (1.1.5)
    connection_pool (2.2.2)
    crass (1.0.4)
    css_parser (1.6.0)
      addressable
    debug_inspector (0.0.3)
    declarative (0.0.10)
    declarative-option (0.1.0)
    descendants_tracker (0.0.4)
      thread_safe (~> 0.3, >= 0.3.1)
    devise (4.4.3)
      bcrypt (~> 3.0)
      orm_adapter (~> 0.1)
      railties (>= 4.1.0, < 6.0)
      responders
      warden (~> 1.2.3)
    diffy (3.2.1)
    domain_name (0.5.20180417)
      unf (>= 0.0.5, < 1.0.0)
    doorkeeper (4.4.1)
      railties (>= 4.2)
    dotenv (2.5.0)
    dumb_delegator (0.8.0)
    enumerize (2.2.2)
      activesupport (>= 3.2)
    equalizer (0.0.11)
    erubi (1.8.0)
    erubis (2.7.0)
    et-orbi (1.1.4)
      tzinfo
    exception_notification (4.2.2)
      actionmailer (>= 4.0, < 6)
      activesupport (>= 4.0, < 6)
    execjs (2.7.0)
    ey_config (0.0.7)
    faraday (0.15.4)
      multipart-post (>= 1.2, < 3)
    fastimage (2.1.3)
    fcm (0.0.2)
      httparty
      json
    ffi (1.9.25)
    file_validators (2.3.0)
      activemodel (>= 3.2)
      mime-types (>= 1.0)
    formatador (0.2.5)
    fugit (1.1.5)
      et-orbi (~> 1.1, >= 1.1.3)
      raabro (~> 1.1)
    geo_pattern (1.4.0)
      color (~> 1.5)
    globalid (0.4.2)
      activesupport (>= 4.2.0)
    google-api-client (0.28.1)
      addressable (~> 2.5, >= 2.5.1)
      googleauth (>= 0.5, < 0.10.0)
      httpclient (>= 2.8.1, < 3.0)
      mime-types (~> 3.0)
      representable (~> 3.0)
      retriable (>= 2.0, < 4.0)
      signet (~> 0.10)
    googleauth (0.8.0)
      faraday (~> 0.12)
      jwt (>= 1.4, < 3.0)
      memoist (~> 0.16)
      multi_json (~> 1.11)
      os (>= 0.9, < 2.0)
      signet (~> 0.7)
    grape (1.2.3)
      activesupport
      builder
      mustermann-grape (~> 1.0.0)
      rack (>= 1.3.0)
      rack-accept
      virtus (>= 1.0.0)
    grape-cancan (0.0.2)
      cancancan
      grape (>= 0.6.0)
    grape-entity (0.7.1)
      activesupport (>= 4.0)
      multi_json (>= 1.3.2)
    grape-route-helpers (2.1.0)
      activesupport
      grape (>= 0.16.0)
      rake
    grape_logging (1.8.0)
      grape
      rack
    grape_on_rails_routes (0.3.2)
      rails (>= 3.1.1)
    groupdate (4.0.1)
      activesupport (>= 4.2)
    guard (2.13.0)
      formatador (>= 0.2.4)
      listen (>= 2.7, <= 4.0)
      lumberjack (~> 1.0)
      nenv (~> 0.1)
      notiffany (~> 0.0)
      pry (>= 0.9.12)
      shellany (~> 0.0)
      thor (>= 0.18.1)
    guard-compat (1.2.1)
    guard-minitest (2.4.6)
      guard-compat (~> 1.2)
      minitest (>= 3.0)
    haml (5.0.4)
      temple (>= 0.8.0)
      tilt
    haml-rails (1.0.0)
      actionpack (>= 4.0.1)
      activesupport (>= 4.0.1)
      haml (>= 4.0.6, < 6.0)
      html2haml (>= 1.0.1)
      railties (>= 4.0.1)
    hashie (3.6.0)
    html2haml (2.2.0)
      erubis (~> 2.7.0)
      haml (>= 4.0, < 6)
      nokogiri (>= 1.6.0)
      ruby_parser (~> 3.5)
    html_truncator (0.4.2)
      nokogiri (~> 1.5)
    htmlentities (4.3.4)
    http (3.3.0)
      addressable (~> 2.3)
      http-cookie (~> 1.0)
      http-form_data (~> 2.0)
      http_parser.rb (~> 0.6.0)
    http-cookie (1.0.3)
      domain_name (~> 0.5)
    http-form_data (2.1.1)
    http_parser.rb (0.6.0)
    httparty (0.16.2)
      multi_xml (>= 0.5.2)
    httpclient (2.8.3)
    i18n (1.6.0)
      concurrent-ruby (~> 1.0)
    ice_nine (0.11.2)
    identicon (0.0.5)
      chunky_png
    imgkit (1.6.1)
    iso8601 (0.9.1)
    jbuilder (2.7.0)
      activesupport (>= 4.2.0)
      multi_json (>= 1.2)
    jmespath (1.4.0)
    jquery-rails (4.3.3)
      rails-dom-testing (>= 1, < 3)
      railties (>= 4.2.0)
      thor (>= 0.14, < 2.0)
    jquery-slick-rails (1.9.0)
      railties (>= 3.1)
    json (2.1.0)
    jsonapi-resources (0.8.3)
      concurrent-ruby
      rails (>= 4.0)
    jwt (2.1.0)
    kaminari (1.1.1)
      activesupport (>= 4.1.0)
      kaminari-actionview (= 1.1.1)
      kaminari-activerecord (= 1.1.1)
      kaminari-core (= 1.1.1)
    kaminari-actionview (1.1.1)
      actionview
      kaminari-core (= 1.1.1)
    kaminari-activerecord (1.1.1)
      activerecord
      kaminari-core (= 1.1.1)
    kaminari-core (1.1.1)
    kgio (2.11.2)
    koala (2.5.0)
      addressable
      faraday
    launchy (2.4.3)
      addressable (~> 2.3)
    letter_opener (1.6.0)
      launchy (~> 2.2)
    letter_opener_web (1.3.4)
      actionmailer (>= 3.2)
      letter_opener (~> 1.0)
      railties (>= 3.2)
    listen (3.1.5)
      rb-fsevent (~> 0.9, >= 0.9.4)
      rb-inotify (~> 0.9, >= 0.9.7)
      ruby_dep (~> 1.2)
    loofah (2.2.3)
      crass (~> 1.0.2)
      nokogiri (>= 1.5.9)
    lumberjack (1.0.13)
    luminosity_contrast (0.2.1)
    mail (2.7.1)
      mini_mime (>= 0.1.1)
    marcel (0.3.3)
      mimemagic (~> 0.3.2)
    mechanize (2.7.6)
      domain_name (~> 0.5, >= 0.5.1)
      http-cookie (~> 1.0)
      mime-types (>= 1.17.2)
      net-http-digest_auth (~> 1.1, >= 1.1.1)
      net-http-persistent (>= 2.5.2)
      nokogiri (~> 1.6)
      ntlm-http (~> 0.1, >= 0.1.1)
      webrobots (>= 0.0.9, < 0.2)
    memoist (0.16.0)
    memoizable (0.4.2)
      thread_safe (~> 0.3, >= 0.3.1)
    meta-tags (2.10.0)
      actionpack (>= 3.2.0, < 5.3)
    metaclass (0.0.4)
    method_source (0.9.2)
    mime-types (3.2.2)
      mime-types-data (~> 3.2015)
    mime-types-data (3.2018.0812)
    mimemagic (0.3.3)
    mini_magick (4.8.0)
    mini_mime (1.0.1)
    mini_portile2 (2.4.0)
    minitest (5.11.3)
    minitest-focus (1.1.2)
      minitest (>= 4, < 6)
    mocha (1.5.0)
      metaclass (~> 0.0.1)
    moneta (1.0.0)
    msgpack (1.2.4)
    multi_json (1.13.1)
    multi_xml (0.6.0)
    multipart-post (2.0.0)
    mustermann (1.0.3)
    mustermann-grape (1.0.0)
      mustermann (~> 1.0.0)
    mysql2 (0.4.10)
    naught (1.1.0)
    nenv (0.3.0)
    net-http-digest_auth (1.4.1)
    net-http-persistent (3.0.0)
      connection_pool (~> 2.2)
    net_http_timeout_errors (0.3.3)
    netrc (0.11.0)
    newrelic_rpm (5.2.0.345)
    nio4r (2.3.1)
    nokogiri (1.10.3)
      mini_portile2 (~> 2.4.0)
    nokogiri-diff (0.2.0)
      nokogiri (~> 1.5)
      tdiff (~> 0.3, >= 0.3.2)
    notiffany (0.1.1)
      nenv (~> 0.1)
      shellany (~> 0.0)
    ntlm-http (0.1.1)
    oauth (0.5.4)
    oauth2 (1.4.1)
      faraday (>= 0.8, < 0.16.0)
      jwt (>= 1.0, < 3.0)
      multi_json (~> 1.3)
      multi_xml (~> 0.5)
      rack (>= 1.2, < 3)
    oga (2.15)
      ast
      ruby-ll (~> 2.1)
    omniauth (1.9.0)
      hashie (>= 3.4.6, < 3.7.0)
      rack (>= 1.6.2, < 3)
    omniauth-facebook (4.0.0)
      omniauth-oauth2 (~> 1.2)
    omniauth-google-oauth2 (0.6.0)
      jwt (>= 2.0)
      omniauth (>= 1.1.1)
      omniauth-oauth2 (>= 1.5)
    omniauth-oauth (1.1.0)
      oauth
      omniauth (~> 1.0)
    omniauth-oauth2 (1.6.0)
      oauth2 (~> 1.1)
      omniauth (~> 1.9)
    omniauth-twitter (1.4.0)
      omniauth-oauth (~> 1.1)
      rack
    orm_adapter (0.5.0)
    os (1.0.0)
    paranoia (2.4.1)
      activerecord (>= 4.0, < 5.3)
    partial_path_customizer (0.1.0)
      dumb_delegator (~> 0.6)
    polyglot (0.3.5)
    postmark (1.7.1)
      json
      rake
    postmark-rails (0.12.0)
      actionmailer (>= 3.0.0)
      postmark (~> 1.7.0)
    premailer (1.11.1)
      addressable
      css_parser (>= 1.6.0)
      htmlentities (>= 4.0.0)
    premailer-rails (1.10.2)
      actionmailer (>= 3, < 6)
      premailer (~> 1.7, >= 1.7.9)
    pry (0.11.3)
      coderay (~> 1.1.0)
      method_source (~> 0.9.0)
    public_suffix (3.0.3)
    puma (3.12.0)
    raabro (1.1.6)
    rack (2.0.7)
    rack-accept (0.4.5)
      rack (>= 0.4)
    rack-cors (1.0.2)
    rack-mini-profiler (1.0.0)
      rack (>= 1.2.0)
    rack-protection (2.0.3)
      rack
    rack-test (1.1.0)
      rack (>= 1.0, < 3)
    rails (5.2.2)
      actioncable (= 5.2.2)
      actionmailer (= 5.2.2)
      actionpack (= 5.2.2)
      actionview (= 5.2.2)
      activejob (= 5.2.2)
      activemodel (= 5.2.2)
      activerecord (= 5.2.2)
      activestorage (= 5.2.2)
      activesupport (= 5.2.2)
      bundler (>= 1.3.0)
      railties (= 5.2.2)
      sprockets-rails (>= 2.0.0)
    rails-controller-testing (1.0.1)
      actionpack (~> 5.x)
      actionview (~> 5.x)
      activesupport (~> 5.x)
    rails-dom-testing (2.0.3)
      activesupport (>= 4.2.0)
      nokogiri (>= 1.6)
    rails-html-sanitizer (1.0.4)
      loofah (~> 2.2, >= 2.2.2)
    rails-settings-cached (0.7.1)
      rails (>= 4.2.0)
    rails-timeago (2.16.0)
      actionpack (>= 3.1)
      activesupport (>= 3.1)
    rails_autolink (1.1.6)
      rails (> 3.1)
    railties (5.2.2)
      actionpack (= 5.2.2)
      activesupport (= 5.2.2)
      method_source
      rake (>= 0.8.7)
      thor (>= 0.19.0, < 2.0)
    raindrops (0.19.0)
    rake (12.3.3)
    rb-fsevent (0.10.3)
    rb-inotify (0.10.0)
      ffi (~> 1.0)
    rb-readline (0.5.5)
    recursive-open-struct (1.1.0)
    redcarpet (3.4.0)
    redis (3.3.5)
    redis-namespace (1.6.0)
      redis (>= 3.0.4)
    remotipart (1.4.2)
    representable (3.0.4)
      declarative (< 0.1.0)
      declarative-option (< 0.2.0)
      uber (< 0.2.0)
    responders (2.4.0)
      actionpack (>= 4.2.0, < 5.3)
      railties (>= 4.2.0, < 5.3)
    rest-client (2.0.2)
      http-cookie (>= 1.0.2, < 2.0)
      mime-types (>= 1.16, < 4.0)
      netrc (~> 0.8)
    retriable (3.1.2)
    rinku (2.0.4)
    rolify (5.2.0)
    ruby-ll (2.1.2)
      ansi
      ast
    ruby_dep (1.5.0)
    ruby_parser (3.11.0)
      sexp_processor (~> 4.9)
    rubyzip (1.2.2)
    sass (3.7.3)
      sass-listen (~> 4.0.0)
    sass-listen (4.0.0)
      rb-fsevent (~> 0.9, >= 0.9.4)
      rb-inotify (~> 0.9, >= 0.9.7)
    sass-rails (5.0.7)
      railties (>= 4.0.0, < 6)
      sass (~> 3.1)
      sprockets (>= 2.8, < 4.0)
      sprockets-rails (>= 2.0, < 4.0)
      tilt (>= 1.1, < 3)
    sassc (2.0.1)
      ffi (~> 1.9)
      rake
    sassc-rails (2.1.0)
      railties (>= 4.0.0)
      sassc (>= 2.0)
      sprockets (> 3.0)
      sprockets-rails
      tilt
    scoped_search (4.1.3)
      activerecord (>= 4.2.0)
    search_cop (1.0.9)
      treetop
    seed-fu (2.3.9)
      activerecord (>= 3.1)
      activesupport (>= 3.1)
    sexp_processor (4.11.0)
    shellany (0.0.1)
    sidekiq (4.2.10)
      concurrent-ruby (~> 1.0)
      connection_pool (~> 2.2, >= 2.2.0)
      rack-protection (>= 1.5.0)
      redis (~> 3.2, >= 3.2.1)
    sidekiq-cron (1.0.4)
      fugit (~> 1.1)
      sidekiq (>= 4.2.1)
    sidekiq-unique-jobs (4.0.18)
      sidekiq (>= 2.6)
      thor
    signet (0.11.0)
      addressable (~> 2.3)
      faraday (~> 0.9)
      jwt (>= 1.5, < 3.0)
      multi_json (~> 1.10)
    simple_oauth (0.3.1)
    sinatra (2.0.3)
      mustermann (~> 1.0)
      rack (~> 2.0)
      rack-protection (= 2.0.3)
      tilt (~> 2.0)
    sitemap_generator (5.3.1)
      builder (~> 3.0)
    skylight (3.1.4)
      skylight-core (= 3.1.4)
    skylight-core (3.1.4)
      activesupport (>= 4.2.0)
    slack-notifier (1.5.1)
    spring (2.0.2)
      activesupport (>= 4.2)
    sprockets (3.7.2)
      concurrent-ruby (~> 1.0)
      rack (> 1, < 3)
    sprockets-rails (3.2.1)
      actionpack (>= 4.0)
      activesupport (>= 4.0)
      sprockets (>= 3.0.0)
    sqlite3 (1.3.13)
    tdiff (0.3.4)
    temple (0.8.0)
    thor (0.20.3)
    thread_safe (0.3.6)
    tilt (2.0.8)
    time_difference (0.4.2)
      activesupport
    timecop (0.8.1)
    treetop (1.6.10)
      polyglot (~> 0.3)
    twitter (6.2.0)
      addressable (~> 2.3)
      buftok (~> 0.2.0)
      equalizer (~> 0.0.11)
      http (~> 3.0)
      http-form_data (~> 2.0)
      http_parser.rb (~> 0.6.0)
      memoizable (~> 0.4.0)
      multipart-post (~> 2.0)
      naught (~> 1.0)
      simple_oauth (~> 0.3.0)
    tzinfo (1.2.5)
      thread_safe (~> 0.1)
    uber (0.1.0)
    uglifier (4.1.15)
      execjs (>= 0.3.0, < 3)
    unf (0.1.4)
      unf_ext
    unf_ext (0.0.7.5)
    unicorn (5.4.0)
      kgio (~> 2.6)
      raindrops (~> 0.7)
    unobtrusive_flash (3.3.1)
      railties
    video_info (2.7)
      iso8601 (~> 0.9.1)
      net_http_timeout_errors (~> 0.3.0)
      oga (~> 2.7)
    virtus (1.0.5)
      axiom-types (~> 0.1)
      coercible (~> 1.0)
      descendants_tracker (~> 0.0, >= 0.0.3)
      equalizer (~> 0.0, >= 0.0.9)
    warden (1.2.7)
      rack (>= 1.0)
    web-console (3.6.2)
      actionview (>= 5.0)
      activemodel (>= 5.0)
      bindex (>= 0.4.0)
      railties (>= 5.0)
    webrobots (0.1.2)
    websocket-driver (0.7.0)
      websocket-extensions (>= 0.1.0)
    websocket-extensions (0.1.3)
    wine_bouncer (1.0.4)
      doorkeeper (>= 1.4, < 6.0)
      grape (>= 0.10, < 1.3)
    wkhtmltoimage-binary (0.12.4)

PLATFORMS
  ruby

DEPENDENCIES
  active_record-acts_as (~> 4.0)
  active_record_union (~> 1.3)
  activerecord_any_of!
  acts-as-taggable-on (~> 6.0)
  apple-app-site-association (~> 0.1.2)
  aws-sdk-rails (~> 2.1)
  aws-sdk-s3
  axlsx!
  axlsx_rails (~> 0.5.0)
  bcrypt-ruby (~> 3.1, >= 3.1.5)
  better_errors
  binding_of_caller
  bootsnap
  bootstrap-kaminari-views (~> 0.0.5)
  bootstrap-sass (>= 3.4.1)
  bootswatch-rails
  browser (~> 2.0, >= 2.0.2)
  browsernizer
  bundler (~> 1.14, >= 1.14.5)
  by_star (~> 2.2, >= 2.2.1)
  byebug
  cancancan (~> 2.2)
  carrierwave (~> 1.1)
  carrierwave-aws
  carrierwave-base64 (~> 2.3, >= 2.3.3)
  chartkick
  cocoon (~> 1.2, >= 1.2.9)
  coffee-rails (~> 4.2, >= 4.2.2)
  devise (~> 4.2)
  diffy
  doorkeeper (~> 4.3, >= 4.3.2)
  doorkeeper-grants_assertion!
  dotenv
  enumerize (~> 2.1, >= 2.1.2)
  exception_notification (~> 4.2, >= 4.2.2)
  ey_config
  fastimage (~> 2.1)
  fcm (~> 0.0.2)
  file_validators (~> 2.1)
  geo_pattern (~> 1.4)
  google-api-client (~> 0.28.1)
  grape (~> 1.2, >= 1.2.3)
  grape-cancan
  grape-entity (~> 0.7.1)
  grape-route-helpers (~> 2.0)
  grape_logging (~> 1.3)
  grape_on_rails_routes (~> 0.3.1)
  groupdate
  guard (~> 2.13.0)
  guard-minitest (~> 2.4.4)
  haml-rails (~> 1.0)
  html_truncator
  identicon (~> 0.0.5)
  imgkit (~> 1.6, >= 1.6.1)
  jbuilder (~> 2.0)
  jquery-rails
  jquery-slick-rails
  jsonapi-resources (~> 0.8.0.beta2)
  kaminari (~> 1.1, >= 1.1.1)
  koala (~> 2.4)
  letter_opener_web
  luminosity_contrast
  mechanize (~> 2.7, >= 2.7.5)
  meta-tags (~> 2.10)
  mini_magick
  minitest-focus (~> 1.1, >= 1.1.2)
  mocha (~> 1.1)
  moneta
  mysql2 (>= 0.3.13, < 0.5)
  naught (~> 1.1)
  newrelic_rpm
  nokogiri (~> 1.6, >= 1.6.7.2)
  nokogiri-diff
  omniauth (~> 1.3, >= 1.3.1)
  omniauth-facebook (~> 4.0)
  omniauth-google-oauth2 (~> 0.6.0)
  omniauth-twitter (~> 1.2, >= 1.2.1)
  paranoia (~> 2.4, >= 2.4.1)
  partial_path_customizer (~> 0.1.0)
  postmark-rails (~> 0.12.0)
  premailer-rails (~> 1.9)
  puma
  rack-cors
  rack-mini-profiler
  rails (~> 5.2, >= 5.2.2)
  rails-controller-testing
  rails-settings-cached
  rails-timeago (~> 2.13)
  rails_autolink (~> 1.1, >= 1.1.6)
  railties (= 5.2.2)
  rb-readline
  recursive-open-struct (~> 1.0, >= 1.0.1)
  redcarpet (~> 3.3, >= 3.3.4)
  redis (~> 3.2, >= 3.2.2)
  redis-namespace (~> 1.5, >= 1.5.2)
  remotipart
  rest-client (~> 2.0, >= 2.0.2)
  rinku
  rolify
  rubyzip (~> 1.2.2)
  sass-rails (~> 5.0)
  sassc-rails (~> 2.1)
  scoped_search (~> 4.1)
  search_cop
  seed-fu (~> 2.3, >= 2.3.9)
  sidekiq (~> 4.1)
  sidekiq-cron (~> 1.0, >= 1.0.4)
  sidekiq-unique-jobs (~> 4.0, >= 4.0.16)
  sitemap_generator (~> 5.1)
  skylight
  slack-notifier (~> 1.4)
  spring
  sqlite3
  time_difference (~> 0.4.2)
  timecop (~> 0.8.0)
  tinymce-rails!
  treetop (~> 1.6, >= 1.6.10)
  twitter (~> 6.2)
  uglifier (>= 1.3.0)
  unicorn
  unobtrusive_flash (~> 3.1)
  video_info (~> 2.6)
  web-console (~> 3.6, >= 3.6.2)
  wine_bouncer (~> 1.0, >= 1.0.4)
  wkhtmltoimage-binary (~> 0.12.2)

BUNDLED WITH
   1.15.4
